GEM
  remote: https://rubygems.org/
  specs:
    interscript (2.4.5)
      interscript-maps (~> 2.4.0a)
      text
      thor
    interscript-maps (2.4.3)
    text (1.3.1)
    thor (1.3.0)

PLATFORMS
  x86_64-linux

DEPENDENCIES
  interscript

BUNDLED WITH
   2.4.21
